GEM
  remote: https://rubygems.org/
  specs:
    bson (1.9.2)
    bson_ext (1.9.2)
      bson (~> 1.9.2)
    haml (5.0.0)
      temple (>= 0.8.0)
      tilt
    highline (1.6.19)
    mongo (1.9.2)
      bson (~> 1.9.2)
    net-ldap (0.3.1)
    rack (1.5.2)
    rack-protection (1.5.1)
      rack
    sinatra (1.4.4)
      rack (~> 1.4)
      rack-protection (~> 1.4)
      tilt (~> 1.3, >= 1.3.4)
    temple (0.8.2)
    tilt (1.4.1)
    will_paginate (3.0.5)
    will_paginate-bootstrap (1.0.0)
      will_paginate (>= 3.0.3)

PLATFORMS
  ruby

DEPENDENCIES
  bson_ext
  haml
  highline
  mongo
  net-ldap
  sinatra
  will_paginate
  will_paginate-bootstrap
